GIT
  remote: git://github.com/plataformatec/simple_form.git
  revision: 41ac5b21273f81fe4f8c6994bb9195f88bf4142e
  ref: 41ac5b21273f81fe4f8c6994bb9195f88bf4142e
  specs:
    simple_form (2.0.0.dev)
      actionpack (~> 3.0)
      activemodel (~> 3.0)

GIT
  remote: git@github.com:woto/juggernaut.git
  revision: 4c0e04537f471131adf9ce7e007c6be436569a7a
  specs:
    juggernaut (2.1.1)
      redis

GIT
  remote: git@github.com:woto/simple-captcha.git
  revision: e0d7df3c2b8413657531a50ed543c02f1d59ad35
  ref: e0d7df3c2b8413657531a50ed543c02f1d59ad35
  specs:
    galetahub-simple_captcha (0.1.2)

GIT
  remote: https://github.com/clmntlxndr/content_for_in_controllers.git
  revision: 7f652d58475bdf23d89968ad79f0e86ea0f40ef1
  ref: 7f652d5847
  specs:
    content_for_in_controllers (0.0.2)

GIT
  remote: https://github.com/kiskolabs/humanizer.git
  revision: cb8fed08a31c8ed83ce24c7b1d975c7d42af5858
  ref: cb8fed08a31c8ed83ce24c7b1d975c7d42af5858
  specs:
    humanizer (2.4.3)

GEM
  remote: http://rubygems.org/
  specs:
    actionmailer (3.1.3)
      actionpack (= 3.1.3)
      mail (~> 2.3.0)
    actionpack (3.1.3)
      activemodel (= 3.1.3)
      activesupport (= 3.1.3)
      builder (~> 3.0.0)
      erubis (~> 2.7.0)
      i18n (~> 0.6)
      rack (~> 1.3.5)
      rack-cache (~> 1.1)
      rack-mount (~> 0.8.2)
      rack-test (~> 0.6.1)
      sprockets (~> 2.0.3)
    active_attr (0.5.1)
      activemodel (>= 3.0.2, < 4.1)
      activesupport (>= 3.0.2, < 4.1)
    activemodel (3.1.3)
      activesupport (= 3.1.3)
      builder (~> 3.0.0)
      i18n (~> 0.6)
    activerecord (3.1.3)
      activemodel (= 3.1.3)
      activesupport (= 3.1.3)
      arel (~> 2.2.1)
      tzinfo (~> 0.3.29)
    activeresource (3.1.3)
      activemodel (= 3.1.3)
      activesupport (= 3.1.3)
    activesupport (3.1.3)
      multi_json (~> 1.0)
    arel (2.2.1)
    backbone-rails (0.9.2)
      rails (>= 3.0.0)
    bcrypt-ruby (3.0.1)
    bootstrap-sass (1.4.0)
      sass-rails (~> 3.1.0)
    builder (3.0.0)
    carrierwave (0.5.7)
      activesupport (~> 3.0)
    cgi_multipart_eof_fix (2.5.0)
    chronic (0.6.6)
    chunky_png (1.2.5)
    ckeditor (3.7.0.rc3)
      mime-types (~> 1.17.2)
      orm_adapter (~> 0.0.6)
    cocoon (1.0.14)
    coffee-rails (3.1.1)
      coffee-script (>= 2.2.0)
      railties (~> 3.1.0)
    coffee-script (2.2.0)
      coffee-script-source
      execjs
    coffee-script-source (1.1.3)
    columnize (0.3.5)
    compass (0.12.alpha.0)
      chunky_png (~> 1.2)
      fssm (>= 0.2.7)
      sass (~> 3.1)
    daemons (1.1.4)
    delayed_job (3.0.0.pre)
      activesupport (~> 3.0)
      daemons
    delayed_job_active_record (0.2.1)
      activerecord (> 2.1.0)
      delayed_job (~> 3.0.0.pre)
    devise (1.5.1)
      bcrypt-ruby (~> 3.0)
      orm_adapter (~> 0.0.3)
      warden (~> 1.1)
    enumerated_attribute (0.2.16)
      meta_programming (>= 0.2.1)
    erubis (2.7.0)
    execjs (1.2.9)
      multi_json (~> 1.0)
    fastthread (1.0.7)
    fssm (0.2.7)
    gem_plugin (0.2.3)
    hike (1.2.1)
    hiredis (0.3.2)
    i18n (0.6.0)
    jquery-rails (1.0.19)
      railties (~> 3.0)
      thor (~> 0.14)
    json (1.6.1)
    kaminari (0.12.4)
      rails (>= 3.0.0)
    libv8 (3.3.10.4)
    linecache (0.46)
      rbx-require-relative (> 0.0.4)
    mail (2.3.0)
      i18n (>= 0.4.0)
      mime-types (~> 1.16)
      treetop (~> 1.4.8)
    meta_programming (0.2.2)
    mime-types (1.17.2)
    mini_magick (3.3)
      subexec (~> 0.1.0)
    mobylette (1.5.0)
      actionpack (~> 3.0)
    mongrel (1.1.5)
      cgi_multipart_eof_fix (>= 2.4)
      daemons (>= 1.0.3)
      fastthread (>= 1.0.1)
      gem_plugin (>= 0.2.3)
    multi_json (1.0.3)
    mysql2 (0.3.10)
    orm_adapter (0.0.6)
    polyglot (0.3.3)
    rack (1.3.5)
    rack-cache (1.1)
      rack (>= 0.4)
    rack-mount (0.8.3)
      rack (>= 1.0.0)
    rack-ssl (1.3.2)
      rack
    rack-test (0.6.1)
      rack (>= 1.0)
    rails (3.1.3)
      actionmailer (= 3.1.3)
      actionpack (= 3.1.3)
      activerecord (= 3.1.3)
      activeresource (= 3.1.3)
      activesupport (= 3.1.3)
      bundler (~> 1.0)
      railties (= 3.1.3)
    rails-i18n (0.1.11)
      i18n (~> 0.5)
    railties (3.1.3)
      actionpack (= 3.1.3)
      activesupport (= 3.1.3)
      rack-ssl (~> 1.3.2)
      rake (>= 0.8.7)
      rdoc (~> 3.4)
      thor (~> 0.14.6)
    rake (0.9.2.2)
    rb-fsevent (0.9.1)
    rbx-require-relative (0.0.5)
    rdoc (3.11)
      json (~> 1.4)
    redis (2.2.2)
    ruby-debug (0.10.4)
      columnize (>= 0.1)
      ruby-debug-base (~> 0.10.4.0)
    ruby-debug-base (0.10.4)
      linecache (>= 0.3)
    ruby-growl (3.0)
    sass (3.1.10)
    sass-rails (3.1.5)
      actionpack (~> 3.1.0)
      railties (~> 3.1.0)
      sass (~> 3.1.10)
      tilt (~> 1.3.2)
    sitemap_generator (3.0.0)
      builder
    sprockets (2.0.4)
      hike (~> 1.2)
      rack (~> 1.0)
      tilt (~> 1.1, != 1.3.0)
    subexec (0.1.0)
    therubyracer (0.9.9)
      libv8 (~> 3.3.10)
    thor (0.14.6)
    tilt (1.3.3)
    treetop (1.4.10)
      polyglot
      polyglot (>= 0.3.1)
    tzinfo (0.3.31)
    uglifier (1.1.0)
      execjs (>= 0.3.0)
      multi_json (>= 1.0.2)
    warden (1.1.0)
      rack (>= 1.0)
    whenever (0.7.0)
      activesupport (>= 2.3.4)
      chronic (~> 0.6.3)

PLATFORMS
  ruby

DEPENDENCIES
  active_attr
  arel (= 2.2.1)
  backbone-rails (= 0.9.2)
  bootstrap-sass (= 1.4.0)
  carrierwave (= 0.5.7)
  chronic (= 0.6.6)
  ckeditor (= 3.7.0.rc3)
  cocoon (= 1.0.14)
  coffee-rails (~> 3.1.1)
  coffee-script-source (= 1.1.3)
  columnize (= 0.3.5)
  compass (= 0.12.alpha.0)
  content_for_in_controllers!
  daemons (= 1.1.4)
  delayed_job (= 3.0.0.pre)
  delayed_job_active_record (= 0.2.1)
  devise (= 1.5.1)
  enumerated_attribute
  execjs (= 1.2.9)
  fssm (= 0.2.7)
  galetahub-simple_captcha!
  hiredis (~> 0.3.1)
  humanizer!
  jquery-rails
  json (= 1.6.1)
  juggernaut!
  kaminari (= 0.12.4)
  mail (= 2.3.0)
  mime-types (= 1.17.2)
  mini_magick (= 3.3)
  mobylette (= 1.5.0)
  mongrel
  multi_json (= 1.0.3)
  mysql2 (= 0.3.10)
  orm_adapter (= 0.0.6)
  rack (= 1.3.5)
  rack-cache (= 1.1)
  rails (= 3.1.3)
  rails-i18n (= 0.1.11)
  rb-fsevent (= 0.9.1)
  rbx-require-relative (= 0.0.5)
  rdoc (= 3.11)
  redis (~> 2.2.0)
  ruby-debug
  ruby-growl (= 3.0)
  sass (= 3.1.10)
  sass-rails (= 3.1.5)
  simple_form!
  sitemap_generator (= 3.0.0)
  sprockets (= 2.0.4)
  subexec (= 0.1.0)
  therubyracer (= 0.9.9)
  tzinfo (= 0.3.31)
  uglifier (= 1.1.0)
  warden (= 1.1.0)
  whenever (= 0.7.0)
